GEM
  remote: https://rubygems.org/
  specs:
    exiftool (0.7.0)
      json
    exiftool_vendored (10.23.0)
      exiftool (>= 0.7.0)
    json (2.0.1)

PLATFORMS
  ruby

DEPENDENCIES
  exiftool_vendored (~> 10.23)

BUNDLED WITH
   1.11.2
