GEM
  remote: https://rubygems.org/
  specs:
    exiftool (1.2.1)
      json
    exiftool_vendored (10.65.0)
      exiftool (>= 0.7.0)
    json (2.1.0)
    trollop (2.1.2)

PLATFORMS
  ruby

DEPENDENCIES
  exiftool_vendored (~> 10.65)
  trollop (~> 2.1.2)

BUNDLED WITH
   1.16.1
